GEM
  remote: https://rubygems.org/
  specs:
    childprocess (1.0.1)
      rake (< 13.0)
    csv (3.1.1)
    date (2.0.0)
    rake (12.3.2)
    rubyzip (1.2.2)
    selenium-webdriver (3.142.0)
      childprocess (>= 0.5, < 2.0)
      rubyzip (~> 1.2, >= 1.2.2)

PLATFORMS
  ruby

DEPENDENCIES
  csv
  date
  selenium-webdriver

BUNDLED WITH
   2.0.1
